PATH
  remote: .
  specs:
    nested_open_struct (1.0.0)

GEM
  remote: https://rubygems.org/
  specs:
    minitest (5.8.2)
    rake (10.4.2)

PLATFORMS
  ruby

DEPENDENCIES
  minitest (~> 5.8)
  nested_open_struct!
  rake (~> 10.4)

BUNDLED WITH
   1.10.6
